GIT
  remote: https://github.com/adamcooper/vestal_versions.git
  revision: de048a45ba6ae25e3b726d2cd875996295914556
  tag: v1.2.2
  specs:
    vestal_versions (1.2.2)
      activerecord (>= 3.0.0)
      railties (>= 3.0.0)

GIT
  remote: https://github.com/jmoses/attachment_fu.git
  revision: 1f5e4c0d79990faeebcf07a8dd7bf54fe8b127dd
  branch: rails3
  specs:
    attachment_fu (0.0.2)

GIT
  remote: https://github.com/panozzaj/andand.git
  revision: f2f43e542d82fdf4f605922da62ad3adb2cd4fe7
  specs:
    andand (1.3.1)

GEM
  remote: http://rubygems.org/
  specs:
    RedCloth (4.2.7)
    abstract (1.0.0)
    actionmailer (3.0.7)
      actionpack (= 3.0.7)
      mail (~> 2.2.15)
    actionpack (3.0.7)
      activemodel (= 3.0.7)
      activesupport (= 3.0.7)
      builder (~> 2.1.2)
      erubis (~> 2.6.6)
      i18n (~> 0.5.0)
      rack (~> 1.2.1)
      rack-mount (~> 0.6.14)
      rack-test (~> 0.5.7)
      tzinfo (~> 0.3.23)
    activemodel (3.0.7)
      activesupport (= 3.0.7)
      builder (~> 2.1.2)
      i18n (~> 0.5.0)
    activerecord (3.0.7)
      activemodel (= 3.0.7)
      activesupport (= 3.0.7)
      arel (~> 2.0.2)
      tzinfo (~> 0.3.23)
    activeresource (3.0.7)
      activemodel (= 3.0.7)
      activesupport (= 3.0.7)
    activesupport (3.0.7)
    addressable (2.2.4)
    alchemist (0.1.2.1)
    alias (0.2.2)
    allison (2.0.3)
    archive-tar-minitar (0.5.2)
    arel (2.0.9)
    awesome_print (0.4.0)
    bio (1.4.1)
    bond (0.4.1)
    boson (0.3.4)
      alias (>= 0.2.2)
      hirb (>= 0.5.0)
    builder (2.1.2)
    clipboard (0.9.9)
    coderay (0.9.8)
    columnize (0.3.2)
    daemons (1.0.10)
    drx (0.4.5)
    echoe (4.5.6)
      allison
      gemcutter
      rubyforge
    erubis (2.6.6)
      abstract (>= 1.0.0)
    every_day_irb (1.0.6)
    fancy_irb (0.7.0)
      paint (>= 0.8.1)
      unicode-display_width (>= 0.1.1)
    g (1.4.0)
      ruby-growl (>= 1.0.1)
    gem_plugin (0.2.3)
    gemcutter (0.7.0)
    geokit (1.5.0)
    haml (3.1.1)
    hirb (0.5.0)
    i18n (0.5.0)
    interactive_editor (0.0.8)
      spoon (>= 0.0.1)
    irbtools (1.0.6)
      awesome_print (~> 0.4.0)
      boson (>= 0.3.4)
      clipboard (>= 0.9.9)
      coderay (~> 0.9)
      every_day_irb (>= 1.0.6)
      fancy_irb (>= 0.7.0)
      g
      hirb (~> 0.5.0)
      interactive_editor (>= 0.0.8)
      methodfinder (>= 1.2.3)
      ori (~> 0.1.0)
      paint (>= 0.8.3)
      rvm_loader (>= 1.0.0)
      sketches
      wirb (>= 0.4.1)
      zucker (>= 11)
    irbtools-more (0.3.2)
      bond
      drx
      irbtools (>= 1.0.0)
    json_pure (1.5.1)
    linecache19 (0.5.12)
      ruby_core_source (>= 0.1.4)
    mail (2.2.19)
      activesupport (>= 2.3.6)
      i18n (>= 0.4.0)
      mime-types (~> 1.16)
      treetop (~> 1.4.8)
    methodfinder (1.2.3)
    mime-types (1.16)
    mongrel (1.2.0.pre2)
      daemons (~> 1.0.10)
      gem_plugin (~> 0.2.3)
    mysql2 (0.2.7)
    nexus_parser (1.1.4)
    nokogiri (1.4.4)
    obo_parser (0.3.4)
    ori (0.1.0)
    paint (0.8.3)
    polyglot (0.3.1)
    rack (1.2.2)
    rack-mount (0.6.14)
      rack (>= 1.0.0)
    rack-test (0.5.7)
      rack (>= 1.0)
    rails (3.0.7)
      actionmailer (= 3.0.7)
      actionpack (= 3.0.7)
      activerecord (= 3.0.7)
      activeresource (= 3.0.7)
      activesupport (= 3.0.7)
      bundler (~> 1.0)
      railties (= 3.0.7)
    railties (3.0.7)
      actionpack (= 3.0.7)
      activesupport (= 3.0.7)
      rake (>= 0.8.7)
      thor (~> 0.14.4)
    rake (0.8.7)
    rdf (0.3.3)
      addressable (= 2.2.4)
    rdf-rdfxml (0.3.3.1)
      nokogiri (>= 1.4.4)
      rdf (>= 0.3.3)
    ruby-debug-base19 (0.11.25)
      columnize (>= 0.3.1)
      linecache19 (>= 0.5.11)
      ruby_core_source (>= 0.1.4)
    ruby-debug19 (0.11.6)
      columnize (>= 0.3.1)
      linecache19 (>= 0.5.11)
      ruby-debug-base19 (>= 0.11.19)
    ruby-graphviz (0.9.21)
    ruby-growl (3.0)
    rubyMorphbank (0.2.5)
    ruby_core_source (0.1.5)
      archive-tar-minitar (>= 0.5.2)
    rubyforge (2.0.4)
      json_pure (>= 1.1.7)
    rvm_loader (1.0.0)
    sass (3.1.1)
    sketches (0.1.1)
    spoon (0.0.1)
    thor (0.14.6)
    treetop (1.4.9)
      polyglot (>= 0.3.1)
    tzinfo (0.3.27)
    unicode-display_width (0.1.1)
    wirb (0.4.1)
    zucker (11)

PLATFORMS
  ruby

DEPENDENCIES
  RedCloth
  alchemist (= 0.1.2.1)
  andand!
  attachment_fu!
  bio (= 1.4.1)
  echoe
  geokit
  haml
  irbtools
  irbtools-more
  mongrel (= 1.2.0.pre2)
  mysql2 (< 0.3)
  nexus_parser (= 1.1.4)
  obo_parser (= 0.3.4)
  rails (= 3.0.7)
  rdf (= 0.3.3)
  rdf-rdfxml (= 0.3.3.1)
  ruby-debug19 (= 0.11.6)
  ruby-graphviz (= 0.9.21)
  rubyMorphbank (~> 0.2.4)
  sass
  vestal_versions!
