GIT
  remote: https://github.com/adamcooper/vestal_versions.git
  revision: de048a45ba6ae25e3b726d2cd875996295914556
  tag: v1.2.2
  specs:
    vestal_versions (1.2.2)
      activerecord (>= 3.0.0)
      railties (>= 3.0.0)

GIT
  remote: https://github.com/jmoses/attachment_fu.git
  revision: 0c57f9aeb6624aaf2b0e8d386cd71292a827c9e5
  branch: rails3
  specs:
    attachment_fu (0.0.4)

GIT
  remote: https://github.com/panozzaj/andand.git
  revision: f2f43e542d82fdf4f605922da62ad3adb2cd4fe7
  specs:
    andand (1.3.1)

GEM
  remote: http://rubygems.org/
  specs:
    POpen4 (0.1.4)
      Platform (>= 0.4.0)
      open4
    Platform (0.4.0)
    RedCloth (4.2.9)
    RedCloth (4.2.9-x86-mingw32)
    abstract (1.0.0)
    actionmailer (3.0.12)
      actionpack (= 3.0.12)
      mail (~> 2.2.19)
    actionpack (3.0.12)
      activemodel (= 3.0.12)
      activesupport (= 3.0.12)
      builder (~> 2.1.2)
      erubis (~> 2.6.6)
      i18n (~> 0.5.0)
      rack (~> 1.2.5)
      rack-mount (~> 0.6.14)
      rack-test (~> 0.5.7)
      tzinfo (~> 0.3.23)
    activemodel (3.0.12)
      activesupport (= 3.0.12)
      builder (~> 2.1.2)
      i18n (~> 0.5.0)
    activerecord (3.0.12)
      activemodel (= 3.0.12)
      activesupport (= 3.0.12)
      arel (~> 2.0.10)
      tzinfo (~> 0.3.23)
    activeresource (3.0.12)
      activemodel (= 3.0.12)
      activesupport (= 3.0.12)
    activesupport (3.0.12)
    addressable (2.2.4)
    alchemist (0.1.2.1)
    archive-tar-minitar (0.5.2)
    arel (2.0.10)
    bio (1.4.1)
    bourbon (1.4.0)
      sass (>= 3.1)
    builder (2.1.2)
    columnize (0.3.6)
    daemons (1.0.10)
    erubis (2.6.6)
      abstract (>= 1.0.0)
    gem_plugin (0.2.3)
    geokit (1.6.5)
      multi_json
    haml (3.1.1)
    i18n (0.5.0)
    jammit (0.6.3)
      yui-compressor (>= 0.9.3)
    json (1.6.5)
    kaminari (0.13.0)
      actionpack (>= 3.0.0)
      activesupport (>= 3.0.0)
      railties (>= 3.0.0)
    linecache19 (0.5.12)
      ruby_core_source (>= 0.1.4)
    machinist (2.0)
    mail (2.2.19)
      activesupport (>= 2.3.6)
      i18n (>= 0.4.0)
      mime-types (~> 1.16)
      treetop (~> 1.4.8)
    mime-types (1.17.2)
    minitest (2.11.3)
    mongrel (1.2.0.pre2)
      daemons (~> 1.0.10)
      gem_plugin (~> 0.2.3)
    mongrel (1.2.0.pre2-x86-mingw32)
      gem_plugin (~> 0.2.3)
    multi_json (1.1.0)
    mysql2 (0.2.18)
    mysql2 (0.2.18-x86-mingw32)
    nexus_parser (1.1.4)
    nokogiri (1.5.1)
    nokogiri (1.5.1-x86-mingw32)
    obo_parser (0.3.4)
    open4 (1.3.0)
    polyglot (0.3.3)
    rack (1.2.5)
    rack-mount (0.6.14)
      rack (>= 1.0.0)
    rack-test (0.5.7)
      rack (>= 1.0)
    rails (3.0.12)
      actionmailer (= 3.0.12)
      actionpack (= 3.0.12)
      activerecord (= 3.0.12)
      activeresource (= 3.0.12)
      activesupport (= 3.0.12)
      bundler (~> 1.0)
      railties (= 3.0.12)
    rails-footnotes (3.7.5)
      rails (>= 3.0.0)
    railties (3.0.12)
      actionpack (= 3.0.12)
      activesupport (= 3.0.12)
      rake (>= 0.8.7)
      rdoc (~> 3.4)
      thor (~> 0.14.4)
    rake (0.9.2.2)
    rdf (0.3.3)
      addressable (= 2.2.4)
    rdf-rdfxml (0.3.3.1)
      nokogiri (>= 1.4.4)
      rdf (>= 0.3.3)
    rdoc (3.12)
      json (~> 1.4)
    ruby-debug-base19 (0.11.25)
      columnize (>= 0.3.1)
      linecache19 (>= 0.5.11)
      ruby_core_source (>= 0.1.4)
    ruby-debug19 (0.11.6)
      columnize (>= 0.3.1)
      linecache19 (>= 0.5.11)
      ruby-debug-base19 (>= 0.11.19)
    ruby-graphviz (0.9.21)
    rubyMorphbank (0.2.6)
    ruby_core_source (0.1.5)
      archive-tar-minitar (>= 0.5.2)
    sass (3.1.1)
    thor (0.14.6)
    treetop (1.4.10)
      polyglot
      polyglot (>= 0.3.1)
    tzinfo (0.3.32)
    useragent (0.4.8)
    win32-open3-19 (0.0.1)
    yui-compressor (0.9.6)
      POpen4 (>= 0.1.4)

PLATFORMS
  ruby
  x86-mingw32

DEPENDENCIES
  RedCloth
  alchemist (= 0.1.2.1)
  andand!
  attachment_fu!
  bio (= 1.4.1)
  bourbon
  geokit
  haml (= 3.1.1)
  jammit (= 0.6.3)
  kaminari
  machinist (>= 2.0.0.beta2)
  minitest
  mongrel (= 1.2.0.pre2)
  mysql2 (< 0.3)
  nexus_parser (= 1.1.4)
  obo_parser (= 0.3.4)
  rails (= 3.0.12)
  rails-footnotes
  rake (= 0.9.2.2)
  rdf (= 0.3.3)
  rdf-rdfxml (= 0.3.3.1)
  ruby-debug19 (= 0.11.6)
  ruby-graphviz (= 0.9.21)
  rubyMorphbank (~> 0.2.4)
  sass (= 3.1.1)
  useragent (~> 0.4.8)
  vestal_versions!
  win32-open3-19
